GEM
  remote: https://rubygems.org/
  specs:
    cyberarm_engine (0.24.4)
      gosu (~> 1.1)
    gosu (1.4.6)
    ocran (1.3.15)

PLATFORMS
  x64-mingw-ucrt
  x86_64-linux

DEPENDENCIES
  cyberarm_engine
  ocran

BUNDLED WITH
   2.5.14
