GEM
  remote: https://rubygems.org/
  specs:
    cyberarm_engine (0.24.1)
      excon (~> 0.88)
      gosu (~> 1.1)
      gosu_more_drawables (~> 0.3)
    excon (0.109.0)
    gosu (1.4.6)
    gosu_more_drawables (0.3.1)
    ocran (1.3.15)

PLATFORMS
  x64-mingw-ucrt

DEPENDENCIES
  cyberarm_engine
  ocran

BUNDLED WITH
   2.5.3
