GEM
  remote: https://rubygems.org/
  specs:
    cri (2.1.0)
    cyberarm_engine (0.23.0)
      excon (~> 0.88)
      gosu (~> 1.1)
      gosu_more_drawables (~> 0.3)
    excon (0.104.0)
    gosu (1.4.6)
    gosu_more_drawables (0.3.1)
    gosu_notifications (0.1.0)
    ocra (1.3.11)
    rake (13.1.0)
    releasy (0.2.3)
      bundler (>= 1.2.1)
      cri (~> 2.1.0)
      ocra (~> 1.3.0)
      rake (>= 0.9.2.2)

PLATFORMS
  x64-mingw-ucrt
  x64-mingw32
  x86_64-linux

DEPENDENCIES
  cyberarm_engine
  gosu_notifications
  ocra
  releasy

BUNDLED WITH
   2.4.3
